GEM
  remote: https://rubygems.org/
  specs:
    chunky_png (1.2.5)
    compass (0.12.2.rc.0)
      chunky_png (~> 1.2)
      fssm (>= 0.2.7)
      sass (~> 3.1)
    compass-normalize-plugin (0.3.0)
      compass (>= 0.11.1)
    erubis (2.7.0)
    fssm (0.2.9)
    rack (1.4.1)
    rack-protection (1.2.0)
      rack
    rake (0.9.2.2)
    sass (3.2.0.alpha.237)
    sinatra (1.3.2)
      rack (~> 1.3, >= 1.3.6)
      rack-protection (~> 1.2)
      tilt (~> 1.3, >= 1.3.3)
    susy (1.0.rc.0)
      compass (>= 0.12.2.rc.0)
      sass (>= 3.2.0.alpha.237)
    tilt (1.3.3)

PLATFORMS
  ruby

DEPENDENCIES
  compass (~> 0.12.1)
  compass-normalize-plugin (~> 0.3.0)
  erubis
  rake
  sass (= 3.2.0.alpha.237)
  sinatra
  susy (~> 1.0.rc.0)
